NUGET
  remote: https://nuget.org/api/v2
  specs:
    FAKE (4.10.3)
    FsCheck (2.2.3)
      FSharp.Core (>= 3.1.2.5)
    FsCheck.Nunit (2.0.7)
      FsCheck (>= 2.0.7)
      NUnit (>= 2.6.4)
      NUnit.Runners (>= 2.6.4)
    FSharp.Core (4.0.0.1)
    NUnit (3.0.1)
    NUnit.Runners (2.6.4)
